PATH
  remote: ../Library
  specs:
    Library (0.1.0)

GEM
  remote: https://rubygems.org/
  specs:

PLATFORMS
  x64-mingw-ucrt

DEPENDENCIES
  Library!

BUNDLED WITH
   2.5.23
